GEM
  remote: http://rubygems.org/
  specs:
    actionmailer (2.3.2)
      actionpack (= 2.3.2)
    actionpack (2.3.2)
      activesupport (= 2.3.2)
    activesupport (2.3.2)

PLATFORMS
  ruby

DEPENDENCIES
  actionmailer (= 2.3.2)
